PATH
  remote: .
  specs:
    drobot (0.0.3)
      erubis (~> 2.7.0)
      json (~> 1.8.3)
      json-schema (~> 2.5.0)
      poltergeist (~> 1.9)

GEM
  remote: https://rubygems.org/
  specs:
    addressable (2.3.8)
    awesome_print (1.6.1)
    capybara (2.6.2)
      addressable
      mime-types (>= 1.16)
      nokogiri (>= 1.3.3)
      rack (>= 1.0.0)
      rack-test (>= 0.5.4)
      xpath (~> 2.0)
    cliver (0.3.2)
    coderay (1.1.0)
    diff-lcs (1.2.5)
    erubis (2.7.0)
    json (1.8.3)
    json-schema (2.5.2)
      addressable (~> 2.3.8)
    method_source (0.8.2)
    mime-types (3.0)
      mime-types-data (~> 3.2015)
    mime-types-data (3.2015.1120)
    mini_portile2 (2.0.0)
    multi_json (1.11.2)
    nokogiri (1.6.7.2)
      mini_portile2 (~> 2.0.0.rc2)
    poltergeist (1.9.0)
      capybara (~> 2.1)
      cliver (~> 0.3.1)
      multi_json (~> 1.0)
      websocket-driver (>= 0.2.0)
    pry (0.10.3)
      coderay (~> 1.1.0)
      method_source (~> 0.8.1)
      slop (~> 3.4)
    rack (1.6.4)
    rack-protection (1.5.3)
      rack
    rack-test (0.6.3)
      rack (>= 1.0)
    rake (10.5.0)
    rspec (3.4.0)
      rspec-core (~> 3.4.0)
      rspec-expectations (~> 3.4.0)
      rspec-mocks (~> 3.4.0)
    rspec-core (3.4.2)
      rspec-support (~> 3.4.0)
    rspec-expectations (3.4.0)
      diff-lcs (>= 1.2.0, < 2.0)
      rspec-support (~> 3.4.0)
    rspec-mocks (3.4.1)
      diff-lcs (>= 1.2.0, < 2.0)
      rspec-support (~> 3.4.0)
    rspec-support (3.4.1)
    sinatra (1.4.7)
      rack (~> 1.5)
      rack-protection (~> 1.4)
      tilt (>= 1.3, < 3)
    slop (3.6.0)
    tilt (2.0.2)
    websocket-driver (0.6.3)
      websocket-extensions (>= 0.1.0)
    websocket-extensions (0.1.2)
    xdg (2.2.3)
    xpath (2.0.0)
      nokogiri (~> 1.3)

PLATFORMS
  ruby

DEPENDENCIES
  awesome_print (~> 1.6)
  bundler (~> 1.7)
  drobot!
  pry
  rake (~> 10.0)
  rspec (~> 3.0)
  sinatra (~> 1.4)
  xdg (~> 2.1)
